PATH
  remote: .
  specs:
    extcite (0.4.1)
      bibtex-ruby (~> 5.0, >= 5.0.1)
      faraday (~> 1.0, >= 1.0.1)
      faraday_middleware (~> 1.0)
      oga (>= 2.15, < 4.0)
      parallel (~> 1.19)
      pdf-reader (~> 2.4)
      serrano (~> 0.6.2)
      thor (>= 0.20.3, < 1.1.0)
      timeout (~> 0.1.0)

GEM
  remote: https://rubygems.org/
  specs:
    Ascii85 (1.0.3)
    afm (0.2.2)
    ansi (1.5.0)
    ast (2.4.1)
    bibtex-ruby (5.1.4)
      latex-decode (~> 0.0)
    codecov (0.1.17)
      json
      simplecov
      url
    docile (1.3.2)
    faraday (1.0.1)
      multipart-post (>= 1.2, < 3)
    faraday_middleware (1.0.0)
      faraday (~> 1.0)
    hashery (2.1.2)
    json (2.3.0)
    latex-decode (0.3.1)
    multi_json (1.15.0)
    multipart-post (2.1.1)
    oga (3.2)
      ast
      ruby-ll (~> 2.1)
    parallel (1.19.2)
    pdf-reader (2.4.0)
      Ascii85 (~> 1.0.0)
      afm (~> 0.2.1)
      hashery (~> 2.0)
      ruby-rc4
      ttfunk
    power_assert (1.2.0)
    rake (13.0.1)
    ruby-ll (2.1.2)
      ansi
      ast
    ruby-rc4 (0.1.5)
    serrano (0.6.2)
      faraday (~> 1.0, >= 1.0.1)
      faraday_middleware (~> 1.0)
      multi_json (~> 1.13, >= 1.13.1)
      thor (>= 0.20, < 1.1)
    simplecov (0.18.5)
      docile (~> 1.1)
      simplecov-html (~> 0.11)
    simplecov-html (0.12.2)
    test-unit (3.3.6)
      power_assert
    thor (1.0.1)
    timeout (0.1.0)
    ttfunk (1.6.2.1)
    url (0.3.2)

PLATFORMS
  ruby

DEPENDENCIES
  bundler (~> 2.0, >= 2.0.2)
  codecov (~> 0.1.16)
  extcite!
  rake (~> 13.0, >= 13.0.1)
  simplecov (~> 0.18.0)
  test-unit (~> 3.3, >= 3.3.4)

BUNDLED WITH
   2.1.4
