PATH
  remote: .
  specs:
    dozedois (0.0.9)
      bibtex-ruby (~> 4.4)
      faraday (~> 0.9.2)
      faraday_middleware (~> 0.10.0)
      launchy (~> 2.4, >= 2.4.3)
      oga (~> 2.2)
      pdf-reader (~> 1.4)
      serrano (~> 0.2.2)

GEM
  remote: https://rubygems.org/
  specs:
    Ascii85 (1.0.2)
    addressable (2.4.0)
    afm (0.2.2)
    ansi (1.5.0)
    ast (2.3.0)
    bibtex-ruby (4.4.0)
      latex-decode (~> 0.0)
    faraday (0.9.2)
      multipart-post (>= 1.2, < 3)
    faraday_middleware (0.10.0)
      faraday (>= 0.7.4, < 0.10)
    hashery (2.1.2)
    latex-decode (0.2.2)
      unicode (~> 0.4)
    launchy (2.4.3)
      addressable (~> 2.3)
    multi_json (1.12.1)
    multipart-post (2.0.0)
    oga (2.2)
      ast
      ruby-ll (~> 2.1)
    pdf-reader (1.4.0)
      Ascii85 (~> 1.0.0)
      afm (~> 0.2.1)
      hashery (~> 2.0)
      ruby-rc4
      ttfunk
    power_assert (0.3.0)
    rake (11.1.2)
    ruby-ll (2.1.2)
      ansi
      ast
    ruby-rc4 (0.1.5)
    serrano (0.2.2)
      faraday (~> 0.9.2)
      faraday_middleware (~> 0.10.0)
      multi_json (~> 1.12.1)
      thor (~> 0.19.1)
    test-unit (3.1.9)
      power_assert
    thor (0.19.1)
    ttfunk (1.4.0)
    unicode (0.4.4.2)

PLATFORMS
  ruby

DEPENDENCIES
  bundler (~> 1.12, >= 1.12.5)
  dozedois!
  rake (~> 11.1, >= 11.1.2)
  test-unit (~> 3.1, >= 3.1.9)

BUNDLED WITH
   1.12.5
