PATH
  remote: .
  specs:
    extcite (0.2.0)
      bibtex-ruby (~> 5.0)
      faraday (>= 0.14, < 0.16)
      faraday_middleware (>= 0.12.2, < 0.14.0)
      oga (~> 2.15)
      parallel (~> 1.17)
      pdf-reader (~> 2.2, >= 2.2.1)
      serrano (~> 0.5.0)
      thor (~> 0.20.3)

GEM
  remote: https://rubygems.org/
  specs:
    Ascii85 (1.0.3)
    afm (0.2.2)
    ansi (1.5.0)
    ast (2.4.0)
    bibtex-ruby (5.0.0)
      latex-decode (~> 0.0)
    codecov (0.1.14)
      json
      simplecov
      url
    docile (1.3.2)
    faraday (0.15.4)
      multipart-post (>= 1.2, < 3)
    faraday_middleware (0.13.1)
      faraday (>= 0.7.4, < 1.0)
    hashery (2.1.2)
    json (2.2.0)
    latex-decode (0.3.1)
    multi_json (1.13.1)
    multipart-post (2.1.1)
    oga (2.15)
      ast
      ruby-ll (~> 2.1)
    parallel (1.17.0)
    pdf-reader (2.2.1)
      Ascii85 (~> 1.0.0)
      afm (~> 0.2.1)
      hashery (~> 2.0)
      ruby-rc4
      ttfunk
    power_assert (1.1.4)
    rake (13.0.0)
    ruby-ll (2.1.2)
      ansi
      ast
    ruby-rc4 (0.1.5)
    serrano (0.5.2)
      faraday (~> 0.15.0)
      faraday_middleware (>= 0.12.2, < 0.14.0)
      multi_json (~> 1.13, >= 1.13.1)
      thor (~> 0.20.0)
    simplecov (0.17.0)
      docile (~> 1.1)
      json (>= 1.8, < 3)
      simplecov-html (~> 0.10.0)
    simplecov-html (0.10.2)
    test-unit (3.3.3)
      power_assert
    thor (0.20.3)
    ttfunk (1.5.1)
    url (0.3.2)

PLATFORMS
  ruby

DEPENDENCIES
  bundler (~> 2.0, >= 2.0.2)
  codecov (~> 0.1.14)
  extcite!
  rake (~> 13.0, >= 12.3.3)
  simplecov (~> 0.17.0)
  test-unit (~> 3.3, >= 3.3.3)

BUNDLED WITH
   2.0.2
