PATH
  remote: .
  specs:
    extcite (0.1.0)
      bibtex-ruby (~> 4.4)
      faraday (~> 0.12.0.1)
      faraday_middleware (~> 0.11.0.1)
      oga (~> 2.2)
      pdf-reader (~> 2.0)
      serrano (~> 0.3.6)
      thor (~> 0.19.4)

GEM
  remote: https://rubygems.org/
  specs:
    Ascii85 (1.0.2)
    afm (0.2.2)
    ansi (1.5.0)
    ast (2.3.0)
    bibtex-ruby (4.4.3)
      latex-decode (~> 0.0)
    faraday (0.12.0.1)
      multipart-post (>= 1.2, < 3)
    faraday_middleware (0.11.0.1)
      faraday (>= 0.7.4, < 1.0)
    hashery (2.1.2)
    latex-decode (0.2.2)
      unicode (~> 0.4)
    multi_json (1.12.1)
    multipart-post (2.0.0)
    oga (2.9)
      ast
      ruby-ll (~> 2.1)
    pdf-reader (2.0.0)
      Ascii85 (~> 1.0.0)
      afm (~> 0.2.1)
      hashery (~> 2.0)
      ruby-rc4
      ttfunk
    power_assert (1.0.1)
    rake (12.0.0)
    ruby-ll (2.1.2)
      ansi
      ast
    ruby-rc4 (0.1.5)
    serrano (0.3.6)
      faraday (~> 0.12.0.1)
      faraday_middleware (~> 0.11.0.1)
      multi_json (~> 1.12, >= 1.12.1)
      thor (~> 0.19.4)
    test-unit (3.2.3)
      power_assert
    thor (0.19.4)
    ttfunk (1.5.0)
    unicode (0.4.4.2)

PLATFORMS
  ruby

DEPENDENCIES
  bundler (~> 1.14, >= 1.14.6)
  extcite!
  rake (~> 12.0, >= 12.0.0)
  test-unit (~> 3.2, >= 3.2.1)

BUNDLED WITH
   1.14.6
