PATH
  remote: .
  specs:
    dozedois (0.0.1)
      faraday (~> 0.9.1)
      faraday_middleware (~> 0.10.0)
      launchy (~> 2.4, >= 2.4.3)
      oga (~> 1.2)
      pdf-reader (~> 1.3)

GEM
  remote: https://rubygems.org/
  specs:
    Ascii85 (1.0.2)
    addressable (2.4.0)
    afm (0.2.2)
    ansi (1.5.0)
    ast (2.3.0)
    codecov (0.1.4)
      json
      simplecov
      url
    docile (1.1.5)
    faraday (0.9.2)
      multipart-post (>= 1.2, < 3)
    faraday_middleware (0.10.0)
      faraday (>= 0.7.4, < 0.10)
    hashery (2.1.2)
    json (1.8.3)
    launchy (2.4.3)
      addressable (~> 2.3)
    multipart-post (2.0.0)
    oga (1.3.1)
      ast
      ruby-ll (~> 2.1)
    pdf-reader (1.4.0)
      Ascii85 (~> 1.0.0)
      afm (~> 0.2.1)
      hashery (~> 2.0)
      ruby-rc4
      ttfunk
    power_assert (0.3.0)
    rake (10.5.0)
    ruby-ll (2.1.2)
      ansi
      ast
    ruby-rc4 (0.1.5)
    simplecov (0.11.2)
      docile (~> 1.1.0)
      json (~> 1.8)
      simplecov-html (~> 0.10.0)
    simplecov-html (0.10.0)
    test-unit (3.1.9)
      power_assert
    ttfunk (1.4.0)
    url (0.3.2)

PLATFORMS
  ruby

DEPENDENCIES
  bundler (~> 1.6)
  codecov (~> 0.1)
  dozedois!
  oga (~> 1.2)
  rake (~> 10.4)
  simplecov (~> 0.10)
  test-unit (~> 3.1)

BUNDLED WITH
   1.10.6
