PATH
  remote: .
  specs:
    extcite (0.1.0)
      bibtex-ruby (~> 4.4)
      faraday (~> 0.12.0.1)
      faraday_middleware (~> 0.11.0.1)
      oga (~> 2.2)
      parallel (~> 1.12, >= 1.12.1)
      pdf-reader (~> 2.0)
      serrano (~> 0.3.6)
      thor (~> 0.19.4)

GEM
  remote: https://rubygems.org/
  specs:
    Ascii85 (1.0.3)
    afm (0.2.2)
    ansi (1.5.0)
    ast (2.4.0)
    bibtex-ruby (4.4.7)
      latex-decode (~> 0.0)
    codecov (0.1.14)
      json
      simplecov
      url
    docile (1.3.1)
    faraday (0.12.0.1)
      multipart-post (>= 1.2, < 3)
    faraday_middleware (0.11.0.1)
      faraday (>= 0.7.4, < 1.0)
    hashery (2.1.2)
    json (2.1.0)
    latex-decode (0.3.1)
    multi_json (1.13.1)
    multipart-post (2.0.0)
    oga (2.15)
      ast
      ruby-ll (~> 2.1)
    parallel (1.16.0)
    pdf-reader (2.2.0)
      Ascii85 (~> 1.0.0)
      afm (~> 0.2.1)
      hashery (~> 2.0)
      ruby-rc4
      ttfunk
    power_assert (1.1.3)
    rake (12.3.2)
    ruby-ll (2.1.2)
      ansi
      ast
    ruby-rc4 (0.1.5)
    serrano (0.3.6)
      faraday (~> 0.12.0.1)
      faraday_middleware (~> 0.11.0.1)
      multi_json (~> 1.12, >= 1.12.1)
      thor (~> 0.19.4)
    simplecov (0.16.1)
      docile (~> 1.1)
      json (>= 1.8, < 3)
      simplecov-html (~> 0.10.0)
    simplecov-html (0.10.2)
    test-unit (3.3.0)
      power_assert
    thor (0.19.4)
    ttfunk (1.5.1)
    url (0.3.2)

PLATFORMS
  ruby

DEPENDENCIES
  bundler (~> 2.0, >= 1.14.6)
  codecov (~> 0.1.10)
  extcite!
  rake (~> 12.0, >= 12.0.0)
  simplecov (~> 0.16.1)
  test-unit (~> 3.2, >= 3.2.1)

BUNDLED WITH
   1.16.1
